GEM
  remote: https://rubygems.org/
  specs:
    pg (0.14.1)
    rack (1.5.2)
    rack-protection (1.4.0)
      rack
    sequel (3.45.0)
    sinatra (1.3.5)
      rack (~> 1.4)
      rack-protection (~> 1.3)
      tilt (~> 1.3, >= 1.3.3)
    slim (1.3.3)
      temple (~> 0.5.5)
      tilt (~> 1.3.3)
    sqlite3 (1.3.7)
    temple (0.5.5)
    tilt (1.3.6)

PLATFORMS
  ruby

DEPENDENCIES
  pg
  sequel
  sinatra
  slim
  sqlite3
